GEM
  remote: https://rubygems.org/
  specs:
    metaclass (0.0.1)
    mocha (0.13.3)
      metaclass (~> 0.0.1)
    rake (10.0.4)
    redis (3.0.3)

PLATFORMS
  ruby

DEPENDENCIES
  mocha
  rake (~> 10.0.4)
  redis (~> 3.0.3)
