GEM
  remote: https://rubygems.org/
  specs:
    activesupport (3.2.13)
      i18n (= 0.6.1)
      multi_json (~> 1.0)
    i18n (0.6.1)
    metaclass (0.0.1)
    mocha (0.13.3)
      metaclass (~> 0.0.1)
    multi_json (1.7.2)
    rake (10.0.4)
    redis (3.0.3)

PLATFORMS
  ruby

DEPENDENCIES
  activesupport (>= 3.2.0)
  mocha
  rake (~> 10.0.4)
  redis (~> 3.0.3)
